GEM
  remote: https://rubygems.org/
  specs:
    rack (1.6.8)
    rack-protection (1.5.3)
      rack
    sinatra
      rack (~> 1.5)
      rack-protection (~> 1.4)
      tilt (>= 1.3, < 3)
    sinatra-advanced-routes
      sinatra
    tilt (2.0.8)

PLATFORMS
  ruby

DEPENDENCIES
  sinatra
  sinatra-advanced-routes

BUNDLED WITH
   1.16.0
